PATH
  remote: .
  specs:
    diffux-core (0.0.1)
      diff-lcs
      oily_png
      phantomjs (= 1.9.2.1)

GEM
  remote: http://rubygems.org/
  specs:
    chunky_png (1.3.0)
    diff-lcs (1.2.5)
    metaclass (0.0.4)
    mocha (1.0.0)
      metaclass (~> 0.0.1)
    oily_png (1.1.1)
      chunky_png (~> 1.3.0)
    phantomjs (1.9.2.1)
    rspec (2.14.1)
      rspec-core (~> 2.14.0)
      rspec-expectations (~> 2.14.0)
      rspec-mocks (~> 2.14.0)
    rspec-core (2.14.8)
    rspec-expectations (2.14.5)
      diff-lcs (>= 1.1.3, < 2.0)
    rspec-mocks (2.14.6)

PLATFORMS
  ruby

DEPENDENCIES
  diffux-core!
  mocha
  rspec
